PATH
  remote: .
  specs:
    fluent-plugin-seq (0.1.0)
      fluentd (>= 0.14.10, < 2)

GEM
  remote: https://rubygems.org/
  specs:
    addressable (2.8.1)
      public_suffix (>= 2.0.2, < 6.0)
    certstore_c (0.1.7)
    concurrent-ruby (1.1.10)
    cool.io (1.7.1)
    domain_name (0.5.20190701)
      unf (>= 0.0.5, < 1.0.0)
    ffi (1.15.5-x64-mingw-ucrt)
    ffi-compiler (1.0.1)
      ffi (>= 1.0.0)
      rake
    ffi-win32-extensions (1.0.4)
      ffi
    fluentd (1.15.3-x64-mingw-ucrt)
      bundler
      certstore_c (~> 0.1.7)
      cool.io (>= 1.4.5, < 2.0.0)
      http_parser.rb (>= 0.5.1, < 0.9.0)
      msgpack (>= 1.3.1, < 2.0.0)
      serverengine (>= 2.3.0, < 3.0.0)
      sigdump (~> 0.2.2)
      strptime (>= 0.2.4, < 1.0.0)
      tzinfo (>= 1.0, < 3.0)
      tzinfo-data (~> 1.0)
      webrick (>= 1.4.2, < 1.8.0)
      win32-event (~> 0.6.3)
      win32-ipc (~> 0.7.0)
      win32-service (~> 2.3.0)
      yajl-ruby (~> 1.0)
    http (5.1.1)
      addressable (~> 2.8)
      http-cookie (~> 1.0)
      http-form_data (~> 2.2)
      llhttp-ffi (~> 0.4.0)
    http-cookie (1.0.5)
      domain_name (~> 0.5)
    http-form_data (2.3.0)
    http_parser.rb (0.8.0)
    llhttp-ffi (0.4.0)
      ffi-compiler (~> 1.0)
      rake (~> 13.0)
    msgpack (1.6.0)
    power_assert (2.0.3)
    public_suffix (5.0.1)
    rake (13.0.6)
    serverengine (2.3.1)
      sigdump (~> 0.2.2)
    sigdump (0.2.4)
    strptime (0.2.5)
    test-unit (3.5.7)
      power_assert
    tzinfo (2.0.5)
      concurrent-ruby (~> 1.0)
    tzinfo-data (1.2022.7)
      tzinfo (>= 1.0.0)
    unf (0.1.4)
      unf_ext
    unf_ext (0.0.8.2-x64-mingw-ucrt)
    webrick (1.7.0)
    win32-event (0.6.3)
      win32-ipc (>= 0.6.0)
    win32-ipc (0.7.0)
      ffi
    win32-service (2.3.2)
      ffi
      ffi-win32-extensions
    yajl-ruby (1.4.3)

PLATFORMS
  x64-mingw-ucrt

DEPENDENCIES
  bundler (~> 2.3.7)
  fluent-plugin-seq!
  http (~> 5.1)
  rake (~> 13.0.6)
  test-unit (~> 3.5.3)

BUNDLED WITH
   2.3.7
